PATH
  remote: .
  specs:
    simple_commander (0.5.1)
      highline (~> 1.7.2)

GEM
  remote: https://rubygems.org/
  specs:
    ast (2.3.0)
    astrolabe (1.3.1)
      parser (~> 2.2)
    codeclimate-test-reporter (1.0.3)
      simplecov
    colorized (0.0.0)
    diff-lcs (1.2.5)
    docile (1.1.5)
    highline (1.7.8)
    json (2.0.2)
    parser (2.3.3.1)
      ast (~> 2.2)
    powerpack (0.1.1)
    rainbow (2.1.0)
    rake (12.0.0)
    rspec (3.5.0)
      rspec-core (~> 3.5.0)
      rspec-expectations (~> 3.5.0)
      rspec-mocks (~> 3.5.0)
    rspec-core (3.5.4)
      rspec-support (~> 3.5.0)
    rspec-expectations (3.5.0)
      diff-lcs (>= 1.2.0, < 2.0)
      rspec-support (~> 3.5.0)
    rspec-mocks (3.5.0)
      diff-lcs (>= 1.2.0, < 2.0)
      rspec-support (~> 3.5.0)
    rspec-support (3.5.0)
    rubocop (0.29.1)
      astrolabe (~> 1.3)
      parser (>= 2.2.0.1, < 3.0)
      powerpack (~> 0.1)
      rainbow (>= 1.99.1, < 3.0)
      ruby-progressbar (~> 1.4)
    ruby-progressbar (1.8.1)
    simplecov (0.12.0)
      docile (~> 1.1.0)
      json (>= 1.8, < 3)
      simplecov-html (~> 0.10.0)
    simplecov-html (0.10.0)

PLATFORMS
  ruby

DEPENDENCIES
  codeclimate-test-reporter
  colorized
  rake
  rspec (~> 3.2)
  rubocop (~> 0.29.1)
  simple_commander!
  simplecov

BUNDLED WITH
   1.12.5
